PATH
  remote: .
  specs:
    tradesman (1.0.8)
      horza (~> 0.5.0)
      tzu (~> 0.1)

GEM
  remote: http://rubygems.org/
  specs:
    activemodel (4.2.1)
      activesupport (= 4.2.1)
      builder (~> 3.1)
    activerecord (4.2.1)
      activemodel (= 4.2.1)
      activesupport (= 4.2.1)
      arel (~> 6.0)
    activesupport (4.2.1)
      i18n (~> 0.7)
      json (~> 1.7, >= 1.7.7)
      minitest (~> 5.1)
      thread_safe (~> 0.3, >= 0.3.4)
      tzinfo (~> 1.1)
    arel (6.0.0)
    builder (3.2.2)
    byebug (5.0.0)
      columnize (= 0.9.0)
    columnize (0.9.0)
    diff-lcs (1.2.5)
    hashie (3.4.0)
    horza (0.5.1)
      activesupport (>= 2.3.11)
      hashie (= 3.4.0)
    i18n (0.7.0)
    json (1.8.2)
    minitest (5.6.1)
    rspec (3.2.0)
      rspec-core (~> 3.2.0)
      rspec-expectations (~> 3.2.0)
      rspec-mocks (~> 3.2.0)
    rspec-core (3.2.3)
      rspec-support (~> 3.2.0)
    rspec-expectations (3.2.1)
      diff-lcs (>= 1.2.0, < 2.0)
      rspec-support (~> 3.2.0)
    rspec-mocks (3.2.1)
      diff-lcs (>= 1.2.0, < 2.0)
      rspec-support (~> 3.2.0)
    rspec-support (3.2.2)
    sqlite3 (1.3.10)
    thread_safe (0.3.5)
    tzinfo (1.2.2)
      thread_safe (~> 0.1)
    tzu (0.1.2.0)

PLATFORMS
  ruby

DEPENDENCIES
  activerecord (>= 3.2.15)
  activesupport (>= 3.2.15)
  bundler (>= 1.0.0)
  byebug
  rspec (>= 2.4.0)
  sqlite3
  tradesman!

BUNDLED WITH
   1.10.6
